GIT
  remote: git://github.com/paulwittmann/rails-erd.git
  revision: 9ccb094fa29b095d5549271f48c65af8bb53f749
  branch: mavericks
  specs:
    rails-erd (1.1.0)
      activerecord (>= 3.0)
      activesupport (>= 3.0)
      choice (~> 0.1.6)
      ruby-graphviz (~> 1.0.4)

GEM
  remote: https://rubygems.org/
  specs:
    actionmailer (3.2.22)
      actionpack (= 3.2.22)
      mail (~> 2.5.4)
    actionpack (3.2.22)
      activemodel (= 3.2.22)
      activesupport (= 3.2.22)
      builder (~> 3.0.0)
      erubis (~> 2.7.0)
      journey (~> 1.0.4)
      rack (~> 1.4.5)
      rack-cache (~> 1.2)
      rack-test (~> 0.6.1)
      sprockets (~> 2.2.1)
    activemodel (3.2.22)
      activesupport (= 3.2.22)
      builder (~> 3.0.0)
    activerecord (3.2.22)
      activemodel (= 3.2.22)
      activesupport (= 3.2.22)
      arel (~> 3.0.2)
      tzinfo (~> 0.3.29)
    activeresource (3.2.22)
      activemodel (= 3.2.22)
      activesupport (= 3.2.22)
    activesupport (3.2.22)
      i18n (~> 0.6, >= 0.6.4)
      multi_json (~> 1.0)
    arel (3.0.3)
    better_errors (2.1.1)
      coderay (>= 1.0.0)
      erubis (>= 2.6.6)
      rack (>= 0.9.0)
    binding_of_caller (0.7.2)
      debug_inspector (>= 0.0.1)
    builder (3.0.4)
    byebug (5.0.0)
      columnize (= 0.9.0)
    capybara (2.4.4)
      mime-types (>= 1.16)
      nokogiri (>= 1.3.3)
      rack (>= 1.0.0)
      rack-test (>= 0.5.4)
      xpath (~> 2.0)
    carrierwave (0.10.0)
      activemodel (>= 3.2.0)
      activesupport (>= 3.2.0)
      json (>= 1.7)
      mime-types (>= 1.16)
    choice (0.1.7)
    cliver (0.3.2)
    coderay (1.1.0)
    coffee-rails (3.2.2)
      coffee-script (>= 2.2.0)
      railties (~> 3.2.0)
    coffee-script (2.4.1)
      coffee-script-source
      execjs
    coffee-script-source (1.9.1.1)
    columnize (0.9.0)
    commonjs (0.2.7)
    coveralls (0.8.2)
      json (~> 1.8)
      rest-client (>= 1.6.8, < 2)
      simplecov (~> 0.10.0)
      term-ansicolor (~> 1.3)
      thor (~> 0.19.1)
    daemons (1.2.3)
    database_cleaner (1.4.1)
    debug_inspector (0.0.2)
    diff-lcs (1.2.5)
    docile (1.1.5)
    domain_name (0.5.24)
      unf (>= 0.0.5, < 1.0.0)
    erubis (2.7.0)
    eventmachine (1.0.8)
    execjs (2.5.2)
    fabrication (2.14.0)
    foreigner (1.7.4)
      activerecord (>= 3.0.0)
    hike (1.2.3)
    http-cookie (1.0.2)
      domain_name (~> 0.5)
    i18n (0.6.11)
    i18n-missing_translations (0.0.2)
      i18n (~> 0.6.0)
    journey (1.0.4)
    jquery-rails (3.1.3)
      railties (>= 3.0, < 5.0)
      thor (>= 0.14, < 2.0)
    json (1.8.3)
    less (2.6.0)
      commonjs (~> 0.2.7)
    less-rails (2.6.0)
      actionpack (>= 3.1)
      less (~> 2.6.0)
    libv8 (3.16.14.11)
    log4r (1.1.10)
    mail (2.5.4)
      mime-types (~> 1.16)
      treetop (~> 1.4.8)
    method_source (0.8.2)
    mime-types (1.25.1)
    mini_magick (4.2.10)
    mini_portile (0.6.2)
    multi_json (1.11.2)
    netrc (0.10.3)
    nokogiri (1.6.6.2)
      mini_portile (~> 0.6.0)
    poltergeist (1.6.0)
      capybara (~> 2.1)
      cliver (~> 0.3.1)
      multi_json (~> 1.0)
      websocket-driver (>= 0.2.0)
    polyglot (0.3.5)
    power_assert (0.2.4)
    pry (0.10.1)
      coderay (~> 1.1.0)
      method_source (~> 0.8.1)
      slop (~> 3.4)
    pry-byebug (3.2.0)
      byebug (~> 5.0)
      pry (~> 0.10)
    pry-doc (0.8.0)
      pry (~> 0.9)
      yard (~> 0.8)
    pry-rails (0.3.4)
      pry (>= 0.9.10)
    rack (1.4.7)
    rack-cache (1.2)
      rack (>= 0.4)
    rack-mini-profiler (0.9.7)
      rack (>= 1.1.3)
    rack-ssl (1.3.4)
      rack
    rack-test (0.6.3)
      rack (>= 1.0)
    rails (3.2.22)
      actionmailer (= 3.2.22)
      actionpack (= 3.2.22)
      activerecord (= 3.2.22)
      activeresource (= 3.2.22)
      activesupport (= 3.2.22)
      bundler (~> 1.0)
      railties (= 3.2.22)
    railties (3.2.22)
      actionpack (= 3.2.22)
      activesupport (= 3.2.22)
      rack-ssl (~> 1.3.2)
      rake (>= 0.8.7)
      rdoc (~> 3.4)
      thor (>= 0.14.6, < 2.0)
    rake (10.4.2)
    rdoc (3.12.2)
      json (~> 1.4)
    redcarpet (3.3.2)
    ref (2.0.0)
    rest-client (1.8.0)
      http-cookie (>= 1.0.2, < 2.0)
      mime-types (>= 1.16, < 3.0)
      netrc (~> 0.7)
    rspec (2.99.0)
      rspec-core (~> 2.99.0)
      rspec-expectations (~> 2.99.0)
      rspec-mocks (~> 2.99.0)
    rspec-collection_matchers (1.1.2)
      rspec-expectations (>= 2.99.0.beta1)
    rspec-core (2.99.2)
    rspec-expectations (2.99.2)
      diff-lcs (>= 1.1.3, < 2.0)
    rspec-mocks (2.99.4)
    rspec-rails (2.99.0)
      actionpack (>= 3.0)
      activemodel (>= 3.0)
      activesupport (>= 3.0)
      railties (>= 3.0)
      rspec-collection_matchers
      rspec-core (~> 2.99.0)
      rspec-expectations (~> 2.99.0)
      rspec-mocks (~> 2.99.0)
    ruby-graphviz (1.0.9)
    sass (3.4.16)
    sass-rails (3.2.6)
      railties (~> 3.2.0)
      sass (>= 3.1.10)
      tilt (~> 1.3)
    simple_form (2.1.3)
      actionpack (~> 3.0)
      activemodel (~> 3.0)
    simplecov (0.10.0)
      docile (~> 1.1.0)
      json (~> 1.8)
      simplecov-html (~> 0.10.0)
    simplecov-html (0.10.0)
    simplecov-rcov (0.2.3)
      simplecov (>= 0.4.1)
    slop (3.6.0)
    sprockets (2.2.3)
      hike (~> 1.2)
      multi_json (~> 1.0)
      rack (~> 1.0)
      tilt (~> 1.1, != 1.3.0)
    sqlite3 (1.3.10)
    table_print (1.5.4)
    term-ansicolor (1.3.2)
      tins (~> 1.0)
    test-unit (3.1.3)
      power_assert
    therubyracer (0.12.2)
      libv8 (~> 3.16.14.0)
      ref
    thin (1.6.3)
      daemons (~> 1.0, >= 1.0.9)
      eventmachine (~> 1.0)
      rack (~> 1.0)
    thor (0.19.1)
    tilt (1.4.1)
    tins (1.5.4)
    treetop (1.4.15)
      polyglot
      polyglot (>= 0.3.1)
    twitter-bootstrap-rails (2.2.8)
      actionpack (>= 3.1)
      execjs
      rails (>= 3.1)
      railties (>= 3.1)
    tzinfo (0.3.44)
    uglifier (2.7.1)
      execjs (>= 0.3.0)
      json (>= 1.8.0)
    unf (0.1.4)
      unf_ext
    unf_ext (0.0.7.1)
    websocket-driver (0.6.2)
      websocket-extensions (>= 0.1.0)
    websocket-extensions (0.1.2)
    xpath (2.0.0)
      nokogiri (~> 1.3)
    yard (0.8.7.6)

PLATFORMS
  ruby

DEPENDENCIES
  better_errors
  binding_of_caller
  capybara
  carrierwave
  coffee-rails
  coveralls
  database_cleaner
  fabrication
  foreigner
  i18n-missing_translations
  jquery-rails
  less-rails
  log4r
  mini_magick
  poltergeist
  pry
  pry-byebug
  pry-doc
  pry-rails
  rack-mini-profiler
  rails (~> 3.2.14)
  rails-erd!
  redcarpet
  rspec (= 2.99.0)
  rspec-rails (>= 2.0.0)
  sass-rails
  simple_form
  simplecov
  simplecov-rcov
  sqlite3
  table_print
  test-unit (~> 3.0)
  therubyracer
  thin
  twitter-bootstrap-rails
  uglifier (>= 1.0.3)
  yard

BUNDLED WITH
   1.10.5
